GEM
  remote: https://rubygems.org/
  specs:
    distribution (0.7.3)

PLATFORMS
  ruby

DEPENDENCIES
  distribution

BUNDLED WITH
   1.11.2
