GEM
  remote: https://rubygems.org/
  specs:
    aasm (4.10.0)
    distribution (0.7.3)

PLATFORMS
  ruby

DEPENDENCIES
  aasm
  distribution

BUNDLED WITH
   1.11.2
